GEM
  remote: https://rubygems.org/
  specs:
    ruby_http_client (3.0.0)
    sendgrid-ruby (4.0.4)
      ruby_http_client (~> 3.0.0)

PLATFORMS
  ruby

DEPENDENCIES
  sendgrid-ruby

BUNDLED WITH
   1.12.5
